GEM
  remote: http://rubygems.org/
  specs:
    SystemTimer (1.2.3)
    activesupport (3.0.9)
    git (1.2.5)
    i18n (0.6.0)
    jeweler (1.5.2)
      bundler (~> 1.0.0)
      git (>= 1.2.5)
      rake
    rake (0.9.2)
    rcov (0.9.9)
    rr (1.0.2)
    shoulda (2.11.3)
    yard (0.6.8)

PLATFORMS
  ruby

DEPENDENCIES
  SystemTimer
  activesupport (>= 3.0.8)
  bundler (~> 1.0.0)
  i18n
  jeweler (~> 1.5.1)
  rcov
  rr
  shoulda
  yard (~> 0.6.0)
